PATH
  remote: .
  specs:
    lingua-ruby (0.1.0)
      rb_sys

GEM
  remote: https://rubygems.org/
  specs:
    diff-lcs (1.5.0)
    rake (13.0.6)
    rake-compiler (1.2.1)
      rake
    rb_sys (0.9.75)
    rspec (3.12.0)
      rspec-core (~> 3.12.0)
      rspec-expectations (~> 3.12.0)
      rspec-mocks (~> 3.12.0)
    rspec-core (3.12.2)
      rspec-support (~> 3.12.0)
    rspec-expectations (3.12.3)
      diff-lcs (>= 1.2.0, < 2.0)
      rspec-support (~> 3.12.0)
    rspec-mocks (3.12.5)
      diff-lcs (>= 1.2.0, < 2.0)
      rspec-support (~> 3.12.0)
    rspec-support (3.12.0)

PLATFORMS
  x86_64-linux

DEPENDENCIES
  lingua-ruby!
  rake (~> 13.0)
  rake-compiler
  rb_sys (~> 0.9.63)
  rspec (~> 3.10)

BUNDLED WITH
   2.4.12
